GEM
  remote: https://rubygems.org/
  specs:
    addressable (2.4.0)
    anemone (0.7.2)
      nokogiri (>= 1.3.0)
      robotex (>= 1.0.0)
    ast (2.3.0)
    colorator (0.1)
    colorize (0.5.8)
    concurrent-ruby (1.0.2)
    diff-lcs (1.2.5)
    execjs (2.7.0)
    extras (0.1.0)
      forwardable-extended (~> 2.5)
    faraday (0.9.2)
      multipart-post (>= 1.2, < 3)
    fastimage (2.0.0)
      addressable (~> 2)
    ffi (1.9.14)
    forwardable-extended (2.6.0)
    fuubar (2.1.0)
      rspec (~> 3.0)
      ruby-progressbar (~> 1.4)
    jekyll (3.1.6)
      colorator (~> 0.1)
      jekyll-sass-converter (~> 1.0)
      jekyll-watch (~> 1.1)
      kramdown (~> 1.3)
      liquid (~> 3.0)
      mercenary (~> 0.3.3)
      rouge (~> 1.7)
      safe_yaml (~> 1.0)
    jekyll-assets (2.2.7)
      extras (~> 0.1)
      fastimage (~> 2.0, >= 1.8)
      jekyll (~> 3.1, >= 3.0)
      pathutil (>= 0.8)
      sprockets (~> 3.3)
    jekyll-gist (1.4.0)
      octokit (~> 4.2)
    jekyll-sass-converter (1.4.0)
      sass (~> 3.4)
    jekyll-watch (1.4.0)
      listen (~> 3.0, < 3.1)
    kramdown (1.11.1)
    libv8 (3.16.14.15)
    link-checker (0.7.2)
      anemone (~> 0.7.2)
      colorize (~> 0.5.8)
      nokogiri (~> 1.5.5)
      trollop (~> 2.0)
    liquid (3.0.6)
    listen (3.0.8)
      rb-fsevent (~> 0.9, >= 0.9.4)
      rb-inotify (~> 0.9, >= 0.9.7)
    mercenary (0.3.6)
    multipart-post (2.0.0)
    nokogiri (1.5.11)
    octokit (4.3.0)
      sawyer (~> 0.7.0, >= 0.5.3)
    parser (2.3.1.2)
      ast (~> 2.2)
    pathutil (0.14.0)
      forwardable-extended (~> 2.6)
    powerpack (0.1.1)
    rack (2.0.1)
    rainbow (2.1.0)
    rake (11.2.2)
    rb-fsevent (0.9.7)
    rb-inotify (0.9.7)
      ffi (>= 0.5.0)
    ref (2.0.0)
    robotex (1.0.0)
    rouge (1.11.1)
    rspec (3.5.0)
      rspec-core (~> 3.5.0)
      rspec-expectations (~> 3.5.0)
      rspec-mocks (~> 3.5.0)
    rspec-core (3.5.1)
      rspec-support (~> 3.5.0)
    rspec-expectations (3.5.0)
      diff-lcs (>= 1.2.0, < 2.0)
      rspec-support (~> 3.5.0)
    rspec-mocks (3.5.0)
      diff-lcs (>= 1.2.0, < 2.0)
      rspec-support (~> 3.5.0)
    rspec-support (3.5.0)
    rubocop (0.41.2)
      parser (>= 2.3.1.1, < 3.0)
      powerpack (~> 0.1)
      rainbow (>= 1.99.1, < 3.0)
      ruby-progressbar (~> 1.7)
      unicode-display_width (~> 1.0, >= 1.0.1)
    ruby-progressbar (1.8.1)
    safe_yaml (1.0.4)
    sass (3.4.22)
    sawyer (0.7.0)
      addressable (>= 2.3.5, < 2.5)
      faraday (~> 0.8, < 0.10)
    sprockets (3.6.3)
      concurrent-ruby (~> 1.0)
      rack (> 1, < 3)
    therubyracer (0.12.2)
      libv8 (~> 3.16.14.0)
      ref
    trollop (2.1.2)
    uglifier (3.0.0)
      execjs (>= 0.3.0, < 3)
    unicode-display_width (1.1.0)

PLATFORMS
  ruby

DEPENDENCIES
  fuubar (~> 2.1.0)
  jekyll (~> 3.1.0)
  jekyll-assets (~> 2.2.0)
  jekyll-gist (~> 1.4.0)
  kramdown (~> 1.11.0)
  link-checker (~> 0.7.2)
  rake (~> 11.2.0)
  rspec (~> 3.5.0)
  rubocop (~> 0.41.1)
  sass (~> 3.4.1)
  therubyracer (~> 0.12.1)
  uglifier (~> 3.0.0)

RUBY VERSION
   ruby 2.3.1p112

BUNDLED WITH
   1.12.5
